GEM
  remote: https://rubygems.org/
  specs:
    bioinform (0.2.1)
    hoe (3.13.0)
      rake (>= 0.8, < 11.0)
    interval_notation (0.1.2)
    mini_portile (0.6.2)
    nokogiri (1.6.6.2)
      mini_portile (~> 0.6.0)
    rake (10.4.2)
    roo (2.0.0)
      nokogiri (~> 1)
      rubyzip (~> 1.1, < 2.0.0)
    roo-xls (1.0.0)
      nokogiri
      roo (>= 2.0.0beta1, < 3)
      spreadsheet (> 0.9.0)
    ruby-ole (1.2.11.8)
    rubystats (0.2.3)
      hoe (>= 1.7.0)
    rubyzip (1.1.7)
    spreadsheet (1.0.3)
      ruby-ole (>= 1.0)

PLATFORMS
  ruby

DEPENDENCIES
  bioinform
  interval_notation (~> 0.1.2)
  roo (~> 2.0.0)
  roo-xls
  rubystats
